GEM
  remote: https://rubygems.org/
  specs:
    augeas (0.6.4)
    facter (2.5.1)
    fast_gettext (1.1.2)
    gettext (3.2.6)
      locale (>= 2.0.5)
      text (>= 1.3.0)
    gettext-setup (0.29)
      fast_gettext (~> 1.1.0)
      gettext (>= 3.0.2)
      locale
    hiera (3.4.2)
    locale (2.1.2)
    puppet (5.3.3)
      facter (> 2.0, < 4)
      gettext-setup (>= 0.10, < 1)
      hiera (>= 3.2.1, < 4)
      locale (~> 2.1)
    text (1.3.1)

PLATFORMS
  ruby

DEPENDENCIES
  augeas (~> 0.6.0)
  facter (~> 2.5.0)
  puppet (~> 5.3.0)

BUNDLED WITH
   1.15.4
